GEM
  remote: https://rubygems.org/
  specs:
    cinch (2.0.3)
    daemons (1.1.9)
    eventmachine (1.0.0)
    mkfifo (0.0.1)
    nokogiri (1.5.5)
    rack (1.4.1)
    rack-protection (1.2.0)
      rack
    sinatra (1.3.3)
      rack (~> 1.3, >= 1.3.6)
      rack-protection (~> 1.2)
      tilt (~> 1.3, >= 1.3.3)
    thin (1.5.0)
      daemons (>= 1.0.9)
      eventmachine (>= 0.12.6)
      rack (>= 1.0.0)
    tilt (1.3.3)

PLATFORMS
  ruby

DEPENDENCIES
  cinch
  mkfifo
  nokogiri
  sinatra
  thin
