GEM
  remote: https://rubygems.org/
  specs:
    activesupport (3.2.6)
      i18n (~> 0.6)
      multi_json (~> 1.0)
    em-irc (0.0.2)
      activesupport
      eventmachine
    eventmachine (0.12.10)
    i18n (0.6.0)
    mkfifo (0.0.1)
    multi_json (1.3.6)

PLATFORMS
  ruby

DEPENDENCIES
  em-irc
  mkfifo
