GEM
  remote: https://rubygems.org/
  specs:
    cinch (2.0.3)
    mkfifo (0.0.1)

PLATFORMS
  ruby

DEPENDENCIES
  cinch
  mkfifo
